GEM
  remote: https://rubygems.org/
  specs:
    haml (3.0.25)
    kgio (2.9.2)
    rack (1.2.1)
    raindrops (0.13.0)
    sinatra (1.1.2)
      rack (~> 1.1)
      tilt (~> 1.2)
    tilt (1.2.2)
    unicorn (4.8.3)
      kgio (~> 2.6)
      rack
      raindrops (~> 0.7)

PLATFORMS
  ruby

DEPENDENCIES
  haml
  sinatra
  unicorn
